{
	"Modality": "MR",
	"MagneticFieldStrength": 3,
	"ImagingFrequency": 127.757,
	"Manufacturer": "GE",
	"ManufacturersModelName": "DISCOVERY_MR750",
	"InstitutionName": "CAMH",
	"DeviceSerialNumber": "000000000000CAMH",
	"StationName": "CAMHMR",
	"BodyPartExamined": "HEAD",
	"PatientPosition": "HFS",
	"ProcedureStepDescription": "OBIO1MR",
	"SoftwareVersions": "27_LX_MR_Software_release:DV26.0_R01_1725.a",
	"MRAcquisitionType": "2D",
	"SeriesDescription": "ABCDGE_DTI_b3000_102_HB3",
	"ProtocolName": "ABCDGE_DTI_b3000_102_HB3",
	"ScanningSequence": "EP_RM",
	"SequenceVariant": "NONE",
	"ScanOptions": "CL_GEMS_SAT_GEMS_EDR_GEMS_EPI_GEMS_HYPERBAND_GEMS_PFF_FS",
	"ImageType": ["ORIGINAL", "PRIMARY", "OTHER"],
	"SeriesNumber": 14,
	"AcquisitionTime": "14:57:14.000000",
	"AcquisitionNumber": 1,
	"SliceThickness": 1.7,
	"SpacingBetweenSlices": 1.7,
	"SAR": 0.586774,
	"EchoTime": 0.082,
	"RepetitionTime": 4.1,
	"FlipAngle": 90,
	"PhaseEncodingPolarityGE": "Unflipped",
	"CoilString": "Nova32ch",
	"PercentPhaseFOV": 100,
	"AcquisitionMatrixPE": 140,
	"ReconMatrixPE": 140,
	"EffectiveEchoSpacing": 0.000752,
	"TotalReadoutTime": 0.104528,
	"PixelBandwidth": 3571.43,
	"PhaseEncodingDirection": "j-",
	"ImageOrientationPatientDICOM": [
		1,
		-0,
		0,
		-0,
		1,
		0	],
	"InPlanePhaseEncodingDirectionDICOM": "COL",
	"ConversionSoftware": "dcm2niix",
	"ConversionSoftwareVersion": "v1.0.20190410  (JP2:OpenJPEG) (JP-LS:CharLS) GCC5.5.0"
}
